GEM
  remote: https://rubygems.org/
  specs:
    addressable (2.5.0)
      public_suffix (~> 2.0, >= 2.0.2)
    byebug (9.0.6)
    dotenv (2.1.1)
    faraday (0.10.0)
      multipart-post (>= 1.2, < 3)
    httparty (0.14.0)
      multi_xml (>= 0.5.2)
    koala (2.4.0)
      addressable
      faraday
      multi_json (>= 1.3.0)
    multi_json (1.12.1)
    multi_xml (0.6.0)
    multipart-post (2.0.0)
    public_suffix (2.0.4)

PLATFORMS
  ruby

DEPENDENCIES
  byebug
  dotenv
  httparty
  koala

BUNDLED WITH
   1.13.6
